GEM
  remote: https://rubygems.org/
  specs:
    buftok (0.2.0)
    net-irc2 (0.0.12)
      buftok

PLATFORMS
  ruby

DEPENDENCIES
  net-irc2
